GIT
  remote: git://github.com/dockyard/client_side_validations-mongoid.git
  revision: 6265d4055a541ecc322f04ed9d2ef0ebfe5d29a0
  specs:
    client_side_validations-mongoid (3.0.1)
      client_side_validations (~> 3.2.0)
      mongoid (~> 3.0.0)

GEM
  remote: https://rubygems.org/
  specs:
    actionmailer (3.2.11)
      actionpack (= 3.2.11)
      mail (~> 2.4.4)
    actionpack (3.2.11)
      activemodel (= 3.2.11)
      activesupport (= 3.2.11)
      builder (~> 3.0.0)
      erubis (~> 2.7.0)
      journey (~> 1.0.4)
      rack (~> 1.4.0)
      rack-cache (~> 1.2)
      rack-test (~> 0.6.1)
      sprockets (~> 2.2.1)
    activemodel (3.2.11)
      activesupport (= 3.2.11)
      builder (~> 3.0.0)
    activerecord (3.2.11)
      activemodel (= 3.2.11)
      activesupport (= 3.2.11)
      arel (~> 3.0.2)
      tzinfo (~> 0.3.29)
    activeresource (3.2.11)
      activemodel (= 3.2.11)
      activesupport (= 3.2.11)
    activesupport (3.2.11)
      i18n (~> 0.6)
      multi_json (~> 1.0)
    arel (3.0.2)
    bcrypt-ruby (3.0.1)
    bourbon (3.0.1)
      sass (>= 3.2.0)
      thor
    builder (3.0.4)
    capistrano (2.14.1)
      highline
      net-scp (>= 1.0.0)
      net-sftp (>= 2.0.0)
      net-ssh (>= 2.0.14)
      net-ssh-gateway (>= 1.1.0)
    carrierwave (0.8.0)
      activemodel (>= 3.2.0)
      activesupport (>= 3.2.0)
    carrierwave-mongoid (0.5.0)
      carrierwave (~> 0.8.0)
      mongoid (~> 3.0)
      mongoid-grid_fs (~> 1.3)
    client_side_validations (3.2.1)
    coderay (1.0.8)
    coffee-rails (3.2.2)
      coffee-script (>= 2.2.0)
      railties (~> 3.2.0)
    coffee-script (2.2.0)
      coffee-script-source
      execjs
    coffee-script-source (1.4.0)
    em-websocket (0.4.0)
      eventmachine (>= 0.12.9)
      http_parser.rb (~> 0.5.3)
    erubis (2.7.0)
    eventmachine (1.0.0)
    excon (0.13.4)
    execjs (1.4.0)
      multi_json (~> 1.0)
    factory_girl (4.2.0)
      activesupport (>= 3.0.0)
    factory_girl_rails (4.2.0)
      factory_girl (~> 4.2.0)
      railties (>= 3.0.0)
    ffi (1.3.1)
    fog (1.3.1)
      builder
      excon (~> 0.13.0)
      formatador (~> 0.2.0)
      mime-types
      multi_json (~> 1.0)
      net-scp (~> 1.0.4)
      net-ssh (>= 2.1.3)
      nokogiri (~> 1.5.0)
      ruby-hmac
    font-awesome-sass-rails (3.0.0.1)
      railties (>= 3.1.1)
      sass-rails (>= 3.1.1)
    formatador (0.2.4)
    gravtastic (3.2.6)
    guard (1.6.1)
      listen (>= 0.6.0)
      lumberjack (>= 1.0.2)
      pry (>= 0.9.10)
      thor (>= 0.14.6)
    guard-livereload (1.1.3)
      em-websocket (>= 0.2.0)
      guard (>= 1.5.0)
      multi_json (~> 1.0)
    highlight_js-rails (7.1.0)
      rails (>= 3.1.1)
    highline (1.6.15)
    hike (1.2.1)
    http_accept_language (1.0.2)
    http_parser.rb (0.5.3)
    i18n (0.6.1)
    journey (1.0.4)
    jquery-fileupload-rails (0.4.1)
      actionpack (>= 3.1)
      railties (>= 3.1)
    jquery-rails (2.2.0)
      railties (>= 3.0, < 5.0)
      thor (>= 0.14, < 2.0)
    json (1.7.6)
    kaminari (0.14.1)
      actionpack (>= 3.0.0)
      activesupport (>= 3.0.0)
    listen (0.7.2)
    lumberjack (1.0.2)
    mail (2.4.4)
      i18n (>= 0.4.0)
      mime-types (~> 1.16)
      treetop (~> 1.4.8)
    method_source (0.8.1)
    mime-types (1.19)
    mongoid (3.0.19)
      activemodel (~> 3.1)
      moped (~> 1.2)
      origin (~> 1.0)
      tzinfo (~> 0.3.22)
    mongoid-grid_fs (1.7.0)
      mime-types (~> 1.19)
      mongoid (~> 3.0)
    moped (1.3.2)
    mousetrap-rails (0.0.8)
    multi_json (1.5.0)
    net-scp (1.0.4)
      net-ssh (>= 1.99.1)
    net-sftp (2.0.5)
      net-ssh (>= 2.0.9)
    net-ssh (2.6.3)
    net-ssh-gateway (1.1.0)
      net-ssh (>= 1.99.1)
    nokogiri (1.5.6)
    origin (1.0.11)
    polyglot (0.3.3)
    pry (0.9.11.4)
      coderay (~> 1.0.5)
      method_source (~> 0.8)
      slop (~> 3.4)
    quiet_assets (1.0.1)
      railties (~> 3.1)
    qunit-rails (0.0.2)
      railties (~> 3.2.3)
    rack (1.4.4)
    rack-cache (1.2)
      rack (>= 0.4)
    rack-livereload (0.3.11)
      rack
    rack-ssl (1.3.2)
      rack
    rack-test (0.6.2)
      rack (>= 1.0)
    rails (3.2.11)
      actionmailer (= 3.2.11)
      actionpack (= 3.2.11)
      activerecord (= 3.2.11)
      activeresource (= 3.2.11)
      activesupport (= 3.2.11)
      bundler (~> 1.0)
      railties (= 3.2.11)
    rails-i18n (0.7.2)
      i18n (~> 0.5)
    railties (3.2.11)
      actionpack (= 3.2.11)
      activesupport (= 3.2.11)
      rack-ssl (~> 1.3.2)
      rake (>= 0.8.7)
      rdoc (~> 3.4)
      thor (>= 0.14.6, < 2.0)
    rake (10.0.3)
    rb-inotify (0.8.8)
      ffi (>= 0.5.0)
    rdoc (3.12)
      json (~> 1.4)
    redcarpet (2.2.2)
    ruby-hmac (0.4.0)
    rvm-capistrano (1.2.7)
      capistrano (>= 2.0.0)
    sass (3.2.5)
    sass-rails (3.2.6)
      railties (~> 3.2.0)
      sass (>= 3.1.10)
      tilt (~> 1.3)
    slim (1.3.6)
      temple (~> 0.5.5)
      tilt (~> 1.3.3)
    slop (3.4.3)
    sprockets (2.2.2)
      hike (~> 1.2)
      multi_json (~> 1.0)
      rack (~> 1.0)
      tilt (~> 1.1, != 1.3.0)
    strong_parameters (0.1.6)
      actionpack (~> 3.0)
      activemodel (~> 3.0)
      railties (~> 3.0)
    temple (0.5.5)
    thor (0.17.0)
    tilt (1.3.3)
    treetop (1.4.12)
      polyglot
      polyglot (>= 0.3.1)
    turbolinks (1.0.0)
      coffee-rails
    tzinfo (0.3.35)
    uglifier (1.3.0)
      execjs (>= 0.3.0)
      multi_json (~> 1.0, >= 1.0.2)

PLATFORMS
  ruby

DEPENDENCIES
  bcrypt-ruby
  bourbon
  capistrano
  carrierwave-mongoid
  client_side_validations
  client_side_validations-mongoid!
  coffee-rails (~> 3.2.1)
  factory_girl_rails
  fog (~> 1.3.1)
  font-awesome-sass-rails
  gravtastic
  guard-livereload
  highlight_js-rails
  http_accept_language
  jquery-fileupload-rails
  jquery-rails
  kaminari
  mongoid
  mousetrap-rails
  nokogiri
  quiet_assets
  qunit-rails
  rack-livereload
  rails (= 3.2.11)
  rails-i18n
  rb-inotify (~> 0.8.8)
  redcarpet
  rvm-capistrano
  sass-rails (~> 3.2.3)
  slim
  strong_parameters
  turbolinks
  uglifier (>= 1.0.3)
